GEM
  remote: https://rubygems.org/
  specs:
    actioncable (7.2.1)
      actionpack (= 7.2.1)
      activesupport (= 7.2.1)
      nio4r (~> 2.0)
      websocket-driver (>= 0.6.1)
      zeitwerk (~> 2.6)
    actionmailbox (7.2.1)
      actionpack (= 7.2.1)
      activejob (= 7.2.1)
      activerecord (= 7.2.1)
      activestorage (= 7.2.1)
      activesupport (= 7.2.1)
      mail (>= 2.8.0)
    actionmailer (7.2.1)
      actionpack (= 7.2.1)
      actionview (= 7.2.1)
      activejob (= 7.2.1)
      activesupport (= 7.2.1)
      mail (>= 2.8.0)
      rails-dom-testing (~> 2.2)
    actionpack (7.2.1)
      actionview (= 7.2.1)
      activesupport (= 7.2.1)
      nokogiri (>= 1.8.5)
      racc
      rack (>= 2.2.4, < 3.2)
      rack-session (>= 1.0.1)
      rack-test (>= 0.6.3)
      rails-dom-testing (~> 2.2)
      rails-html-sanitizer (~> 1.6)
      useragent (~> 0.16)
    actiontext (7.2.1)
      actionpack (= 7.2.1)
      activerecord (= 7.2.1)
      activestorage (= 7.2.1)
      activesupport (= 7.2.1)
      globalid (>= 0.6.0)
      nokogiri (>= 1.8.5)
    actionview (7.2.1)
      activesupport (= 7.2.1)
      builder (~> 3.1)
      erubi (~> 1.11)
      rails-dom-testing (~> 2.2)
      rails-html-sanitizer (~> 1.6)
    active_storage_validations (1.1.4)
      activejob (>= 5.2.0)
      activemodel (>= 5.2.0)
      activestorage (>= 5.2.0)
      activesupport (>= 5.2.0)
    activeadmin (3.2.3)
      arbre (~> 1.2, >= 1.2.1)
      csv
      formtastic (>= 3.1)
      formtastic_i18n (>= 0.4)
      inherited_resources (~> 1.7)
      jquery-rails (>= 4.2)
      kaminari (>= 1.2.1)
      railties (>= 6.1)
      ransack (>= 4.0)
    activeadmin-searchable_select (1.8.0)
      activeadmin (>= 1.x, < 4)
      jquery-rails (>= 3.0, < 5)
      select2-rails (~> 4.0)
    activeadmin_quill_editor (1.2.0)
      activeadmin (>= 2.9, < 4)
    activejob (7.2.1)
      activesupport (= 7.2.1)
      globalid (>= 0.3.6)
    activemodel (7.2.1)
      activesupport (= 7.2.1)
    activerecord (7.2.1)
      activemodel (= 7.2.1)
      activesupport (= 7.2.1)
      timeout (>= 0.4.0)
    activestorage (7.2.1)
      actionpack (= 7.2.1)
      activejob (= 7.2.1)
      activerecord (= 7.2.1)
      activesupport (= 7.2.1)
      marcel (~> 1.0)
    activesupport (7.2.1)
      base64
      bigdecimal
      concurrent-ruby (~> 1.0, >= 1.3.1)
      connection_pool (>= 2.2.5)
      drb
      i18n (>= 1.6, < 2)
      logger (>= 1.4.2)
      minitest (>= 5.1)
      securerandom (>= 0.3)
      tzinfo (~> 2.0, >= 2.0.5)
    addressable (2.8.7)
      public_suffix (>= 2.0.2, < 7.0)
    airbrussh (1.5.2)
      sshkit (>= 1.6.1, != 1.7.0)
    arbre (1.7.0)
      activesupport (>= 3.0.0)
      ruby2_keywords (>= 0.0.2)
    ast (2.4.2)
    audited (5.7.0)
      activerecord (>= 5.2, < 8.0)
      activesupport (>= 5.2, < 8.0)
    autoprefixer-rails (10.4.16.0)
      execjs (~> 2)
    base64 (0.2.0)
    bcrypt (3.1.20)
    bcrypt_pbkdf (1.1.0)
    bigdecimal (3.1.8)
    bootsnap (1.18.3)
      msgpack (~> 1.2)
    bootstrap (5.3.3)
      autoprefixer-rails (>= 9.1.0)
      popper_js (>= 2.11.8, < 3)
    brakeman (6.1.2)
      racc
    browser (6.0.0)
    builder (3.3.0)
    bullet (7.2.0)
      activesupport (>= 3.0.0)
      uniform_notifier (~> 1.11)
    bundler-audit (0.9.1)
      bundler (>= 1.2.0, < 3)
      thor (~> 1.0)
    byebug (11.1.3)
    cancancan (3.6.1)
    capistrano (3.18.1)
      airbrussh (>= 1.0.0)
      i18n
      rake (>= 10.0.0)
      sshkit (>= 1.9.0)
    capistrano-bundler (2.1.0)
      capistrano (~> 3.1)
    capistrano-rails (1.6.3)
      capistrano (~> 3.1)
      capistrano-bundler (>= 1.1, < 3)
    capistrano-rbenv (2.2.0)
      capistrano (~> 3.1)
      sshkit (~> 1.3)
    capistrano-sidekiq (2.3.1)
      capistrano (>= 3.9.0)
      capistrano-bundler
      sidekiq (>= 6.0)
    capistrano3-puma (6.0.0.beta.1)
      capistrano (~> 3.7)
      capistrano-bundler
      puma (>= 5.1, < 7.0)
    chronic (0.10.2)
    chunky_png (1.4.0)
    coderay (1.1.3)
    concurrent-ruby (1.3.4)
    connection_pool (2.4.1)
    crack (1.0.0)
      bigdecimal
      rexml
    crass (1.0.6)
    csv (3.3.0)
    dalli (3.2.8)
    dartsass-sprockets (3.1.0)
      railties (>= 4.0.0)
      sassc-embedded (~> 1.69)
      sprockets (> 3.0)
      sprockets-rails
      tilt
    database_consistency (1.7.23)
      activerecord (>= 3.2)
    date (3.3.4)
    devise (4.9.4)
      bcrypt (~> 3.0)
      orm_adapter (~> 0.1)
      railties (>= 4.1.0)
      responders
      warden (~> 1.2.3)
    devise-i18n (1.12.0)
      devise (>= 4.9.0)
    diff-lcs (1.5.1)
    docile (1.4.0)
    drb (2.2.1)
    ed25519 (1.3.0)
    erubi (1.13.0)
    execjs (2.9.1)
    factory_bot (6.4.5)
      activesupport (>= 5.0.0)
    factory_bot_rails (6.4.3)
      factory_bot (~> 6.4)
      railties (>= 5.0.0)
    faker (3.4.2)
      i18n (>= 1.8.11, < 2)
    ffi (1.17.0)
    ffi (1.17.0-aarch64-linux-musl)
    ffi (1.17.0-x86_64-linux-gnu)
    ffi (1.17.0-x86_64-linux-musl)
    font-awesome-sass (6.5.2)
      sassc (~> 2.0)
    formtastic (5.0.0)
      actionpack (>= 6.0.0)
    formtastic_i18n (0.7.0)
    globalid (1.2.1)
      activesupport (>= 6.1)
    google-protobuf (4.27.2)
      bigdecimal
      rake (>= 13)
    google-protobuf (4.27.2-aarch64-linux)
      bigdecimal
      rake (>= 13)
    google-protobuf (4.27.2-x86_64-linux)
      bigdecimal
      rake (>= 13)
    has_scope (0.8.2)
      actionpack (>= 5.2)
      activesupport (>= 5.2)
    hashdiff (1.1.0)
    hashie (5.0.0)
    hiredis-client (0.22.2)
      redis-client (= 0.22.2)
    hotwire-rails (0.1.3)
      rails (>= 6.0.0)
      stimulus-rails
      turbo-rails
    hotwire_combobox (0.3.2)
      rails (>= 7.0.7.2)
      stimulus-rails (>= 1.2)
      turbo-rails (>= 1.2)
    i18n (1.14.5)
      concurrent-ruby (~> 1.0)
    image_processing (1.12.2)
      mini_magick (>= 4.9.5, < 5)
      ruby-vips (>= 2.0.17, < 3)
    importmap-rails (1.2.3)
      actionpack (>= 6.0.0)
      activesupport (>= 6.0.0)
      railties (>= 6.0.0)
    inherited_resources (1.14.0)
      actionpack (>= 6.0)
      has_scope (>= 0.6)
      railties (>= 6.0)
      responders (>= 2)
    io-console (0.7.2)
    irb (1.14.0)
      rdoc (>= 4.0.0)
      reline (>= 0.4.2)
    jbuilder (2.12.0)
      actionview (>= 5.0.0)
      activesupport (>= 5.0.0)
    jquery-rails (4.6.0)
      rails-dom-testing (>= 1, < 3)
      railties (>= 4.2.0)
      thor (>= 0.14, < 2.0)
    json (2.7.2)
    kaminari (1.2.2)
      activesupport (>= 4.1.0)
      kaminari-actionview (= 1.2.2)
      kaminari-activerecord (= 1.2.2)
      kaminari-core (= 1.2.2)
    kaminari-actionview (1.2.2)
      actionview
      kaminari-core (= 1.2.2)
    kaminari-activerecord (1.2.2)
      activerecord
      kaminari-core (= 1.2.2)
    kaminari-core (1.2.2)
    language_server-protocol (3.17.0.3)
    logger (1.6.1)
    loofah (2.22.0)
      crass (~> 1.0.2)
      nokogiri (>= 1.12.0)
    mail (2.8.1)
      mini_mime (>= 0.1.1)
      net-imap
      net-pop
      net-smtp
    marcel (1.0.4)
    method_source (1.1.0)
    mini_magick (4.12.0)
    mini_mime (1.1.5)
    mini_portile2 (2.8.7)
    minitest (5.25.1)
    msgpack (1.7.2)
    net-imap (0.4.16)
      date
      net-protocol
    net-pop (0.1.2)
      net-protocol
    net-protocol (0.2.2)
      timeout
    net-scp (4.0.0)
      net-ssh (>= 2.6.5, < 8.0.0)
    net-sftp (4.0.0)
      net-ssh (>= 5.0.0, < 8.0.0)
    net-smtp (0.5.0)
      net-protocol
    net-ssh (7.2.3)
    nio4r (2.7.3)
    nokogiri (1.16.7)
      mini_portile2 (~> 2.8.2)
      racc (~> 1.4)
    nokogiri (1.16.7-aarch64-linux)
      racc (~> 1.4)
    nokogiri (1.16.7-x86_64-linux)
      racc (~> 1.4)
    omniauth (2.1.2)
      hashie (>= 3.4.6)
      rack (>= 2.2.3)
      rack-protection
    omniauth-rails_csrf_protection (1.0.2)
      actionpack (>= 4.2)
      omniauth (~> 2.0)
    omniauth-telegram (0.2.1)
      omniauth (>= 1.0)
    orm_adapter (0.5.0)
    parallel (1.26.2)
    parser (3.3.4.2)
      ast (~> 2.4.1)
      racc
    pg (1.5.8)
    pg_search (2.3.7)
      activerecord (>= 6.1)
      activesupport (>= 6.1)
    popper_js (2.11.8)
    pry (0.14.2)
      coderay (~> 1.1)
      method_source (~> 1.0)
    pry-byebug (3.10.1)
      byebug (~> 11.0)
      pry (>= 0.13, < 0.15)
    pry-doc (1.5.0)
      pry (~> 0.11)
      yard (~> 0.9.11)
    pry-rails (0.3.11)
      pry (>= 0.13.0)
    psych (5.1.2)
      stringio
    public_suffix (6.0.0)
    puma (6.4.2)
      nio4r (~> 2.0)
    racc (1.8.1)
    rack (3.1.7)
    rack-attack (6.7.0)
      rack (>= 1.0, < 4)
    rack-mini-profiler (3.3.1)
      rack (>= 1.2.0)
    rack-protection (4.0.0)
      base64 (>= 0.1.0)
      rack (>= 3.0.0, < 4)
    rack-session (2.0.0)
      rack (>= 3.0.0)
    rack-test (2.1.0)
      rack (>= 1.3)
    rackup (2.1.0)
      rack (>= 3)
      webrick (~> 1.8)
    rails (7.2.1)
      actioncable (= 7.2.1)
      actionmailbox (= 7.2.1)
      actionmailer (= 7.2.1)
      actionpack (= 7.2.1)
      actiontext (= 7.2.1)
      actionview (= 7.2.1)
      activejob (= 7.2.1)
      activemodel (= 7.2.1)
      activerecord (= 7.2.1)
      activestorage (= 7.2.1)
      activesupport (= 7.2.1)
      bundler (>= 1.15.0)
      railties (= 7.2.1)
    rails-dom-testing (2.2.0)
      activesupport (>= 5.0.0)
      minitest
      nokogiri (>= 1.6)
    rails-html-sanitizer (1.6.0)
      loofah (~> 2.21)
      nokogiri (~> 1.14)
    rails_performance (1.2.2)
      browser
      railties
      redis
      redis-namespace
    railties (7.2.1)
      actionpack (= 7.2.1)
      activesupport (= 7.2.1)
      irb (~> 1.13)
      rackup (>= 1.0.0)
      rake (>= 12.2)
      thor (~> 1.0, >= 1.2.2)
      zeitwerk (~> 2.6)
    rainbow (3.1.1)
    rake (13.2.1)
    ransack (4.2.1)
      activerecord (>= 6.1.5)
      activesupport (>= 6.1.5)
      i18n
    rdoc (6.7.0)
      psych (>= 4.0.0)
    redis (5.2.0)
      redis-client (>= 0.22.0)
    redis-client (0.22.2)
      connection_pool
    redis-namespace (1.11.0)
      redis (>= 4)
    regexp_parser (2.9.2)
    reline (0.5.10)
      io-console (~> 0.5)
    responders (3.1.1)
      actionpack (>= 5.2)
      railties (>= 5.2)
    rexml (3.3.6)
      strscan
    rollbar (3.6.0)
    rqrcode (2.2.0)
      chunky_png (~> 1.0)
      rqrcode_core (~> 1.0)
    rqrcode_core (1.2.0)
    rspec-core (3.13.1)
      rspec-support (~> 3.13.0)
    rspec-expectations (3.13.3)
      diff-lcs (>= 1.2.0, < 2.0)
      rspec-support (~> 3.13.0)
    rspec-mocks (3.13.1)
      diff-lcs (>= 1.2.0, < 2.0)
      rspec-support (~> 3.13.0)
    rspec-rails (7.0.1)
      actionpack (>= 7.0)
      activesupport (>= 7.0)
      railties (>= 7.0)
      rspec-core (~> 3.13)
      rspec-expectations (~> 3.13)
      rspec-mocks (~> 3.13)
      rspec-support (~> 3.13)
    rspec-support (3.13.1)
    rubocop (1.65.1)
      json (~> 2.3)
      language_server-protocol (>= 3.17.0)
      parallel (~> 1.10)
      parser (>= 3.3.0.2)
      rainbow (>= 2.2.2, < 4.0)
      regexp_parser (>= 2.4, < 3.0)
      rexml (>= 3.2.5, < 4.0)
      rubocop-ast (>= 1.31.1, < 2.0)
      ruby-progressbar (~> 1.7)
      unicode-display_width (>= 2.4.0, < 3.0)
    rubocop-ast (1.32.0)
      parser (>= 3.3.1.0)
    rubocop-factory_bot (2.26.1)
      rubocop (~> 1.61)
    rubocop-performance (1.21.0)
      rubocop (>= 1.48.1, < 2.0)
      rubocop-ast (>= 1.31.1, < 2.0)
    rubocop-rails (2.24.1)
      activesupport (>= 4.2.0)
      rack (>= 1.1)
      rubocop (>= 1.33.0, < 2.0)
      rubocop-ast (>= 1.31.1, < 2.0)
    rubocop-rake (0.6.0)
      rubocop (~> 1.0)
    rubocop-rspec (3.0.3)
      rubocop (~> 1.61)
    ruby-progressbar (1.13.0)
    ruby-vips (2.2.1)
      ffi (~> 1.12)
    ruby2_keywords (0.0.5)
    sass-embedded (1.77.5)
      google-protobuf (>= 3.25, < 5.0)
      rake (>= 13)
    sass-embedded (1.77.5-aarch64-linux-musl)
      google-protobuf (>= 3.25, < 5.0)
    sass-embedded (1.77.5-x86_64-linux-gnu)
      google-protobuf (>= 3.25, < 5.0)
    sass-embedded (1.77.5-x86_64-linux-musl)
      google-protobuf (>= 3.25, < 5.0)
    sassc (2.4.0)
      ffi (~> 1.9)
    sassc-embedded (1.77.1)
      sass-embedded (~> 1.77)
    securerandom (0.3.1)
    select2-rails (4.0.13)
    sidekiq (7.2.4)
      concurrent-ruby (< 2)
      connection_pool (>= 2.3.0)
      rack (>= 2.2.4)
      redis-client (>= 0.19.0)
    simplecov (0.22.0)
      docile (~> 1.1)
      simplecov-html (~> 0.11)
      simplecov_json_formatter (~> 0.1)
    simplecov-html (0.12.3)
    simplecov_json_formatter (0.1.4)
    sitemap_generator (6.3.0)
      builder (~> 3.0)
    sprockets (4.2.1)
      concurrent-ruby (~> 1.0)
      rack (>= 2.2.4, < 4)
    sprockets-rails (3.5.2)
      actionpack (>= 6.1)
      activesupport (>= 6.1)
      sprockets (>= 3.0.0)
    sshkit (1.23.0)
      base64
      net-scp (>= 1.1.2)
      net-sftp (>= 2.1.2)
      net-ssh (>= 2.8.0)
    stimulus-rails (1.3.4)
      railties (>= 6.0.0)
    stringio (3.1.1)
    strscan (3.1.0)
    thor (1.3.2)
    tilt (2.4.0)
    timeout (0.4.1)
    turbo-rails (2.0.6)
      actionpack (>= 6.0.0)
      activejob (>= 6.0.0)
      railties (>= 6.0.0)
    tzinfo (2.0.6)
      concurrent-ruby (~> 1.0)
    unicode-display_width (2.5.0)
    uniform_notifier (1.16.0)
    useragent (0.16.10)
    vcr (6.2.0)
    warden (1.2.9)
      rack (>= 2.0.9)
    webmock (3.23.1)
      addressable (>= 2.8.0)
      crack (>= 0.3.2)
      hashdiff (>= 0.4.0, < 2.0.0)
    webrick (1.8.1)
    websocket-driver (0.7.6)
      websocket-extensions (>= 0.1.0)
    websocket-extensions (0.1.5)
    whenever (1.0.0)
      chronic (>= 0.6.3)
    yard (0.9.36)
    zeitwerk (2.6.18)

PLATFORMS
  aarch64-linux-musl
  ruby
  x86_64-linux
  x86_64-linux-musl

DEPENDENCIES
  active_storage_validations
  activeadmin
  activeadmin-searchable_select
  activeadmin_quill_editor
  audited
  bcrypt_pbkdf (~> 1.0)
  bootsnap
  bootstrap (~> 5.3.3)
  brakeman
  bullet
  bundler-audit
  cancancan
  capistrano (~> 3.17)
  capistrano-rails (~> 1.6)
  capistrano-rbenv (~> 2.2)
  capistrano-sidekiq (~> 2.3)
  capistrano3-puma (= 6.0.0.beta.1)
  connection_pool
  dalli
  dartsass-sprockets
  database_consistency
  devise (~> 4.8)
  devise-i18n
  ed25519 (~> 1.3)
  factory_bot_rails
  faker
  font-awesome-sass
  hiredis-client
  hotwire-rails
  hotwire_combobox
  image_processing
  importmap-rails (~> 1.2)
  jbuilder
  nokogiri
  omniauth
  omniauth-rails_csrf_protection
  omniauth-telegram
  pg
  pg_search
  pry-byebug
  pry-doc
  pry-rails
  puma
  rack-attack
  rack-mini-profiler
  rails (~> 7.2.1)
  rails_performance
  redis
  rollbar
  rqrcode
  rspec-rails
  rubocop
  rubocop-factory_bot
  rubocop-performance
  rubocop-rails
  rubocop-rake
  rubocop-rspec
  ruby-vips (>= 2.1.0)
  sidekiq
  simplecov
  sitemap_generator
  vcr
  webmock
  whenever

RUBY VERSION
   ruby 3.2.2p53

BUNDLED WITH
   2.4.10
